GEM
  remote: http://rubygems.org/
  specs:
    coderay (1.0.9)
    hashie (2.0.2)
    highline (1.6.15)
    method_source (0.8.1)
    mysql2 (0.3.11)
    pry (0.9.12)
      coderay (~> 1.0.5)
      method_source (~> 0.8)
      slop (~> 3.4)
    slop (3.4.3)

PLATFORMS
  ruby

DEPENDENCIES
  hashie
  highline
  mysql2
  pry
